GEM
  remote: https://rubygems.org/
  specs:
    mruby_sandbox (0.5.2)
      pipe_rpc (~> 2.0.0)
    msgpack (1.0.0)
    pipe_rpc (2.0.0)
      msgpack (~> 1.0)
    rack (1.6.4)
    rack-protection (1.5.3)
      rack
    shotgun (0.9.1)
      rack (>= 1.0)
    sinatra (1.4.7)
      rack (~> 1.5)
      rack-protection (~> 1.4)
      tilt (>= 1.3, < 3)
    slim (3.0.7)
      temple (~> 0.7.6)
      tilt (>= 1.3.3, < 2.1)
    temple (0.7.7)
    tilt (2.0.5)

PLATFORMS
  ruby

DEPENDENCIES
  mruby_sandbox
  shotgun
  sinatra
  slim

BUNDLED WITH
   1.12.5
